GEM
  remote: https://rubygems.org/
  specs:
    rack (1.6.4)
    rack-protection (1.5.3)
      rack
    sinatra (1.4.7)
      rack (~> 1.5)
      rack-protection (~> 1.4)
      tilt (>= 1.3, < 3)
    sinatra-cross_origin (0.3.2)
    swagger-blocks (1.3.3)
    tilt (2.0.4)

PLATFORMS
  ruby

DEPENDENCIES
  sinatra
  sinatra-cross_origin
  swagger-blocks

BUNDLED WITH
   1.11.2
